GIT
  remote: https://github.com/shell/sinatra-activerecord.git
  revision: 4f147aba8e9bd4fd3f321191a2d6ca3974f62345
  specs:
    sinatra-activerecord (0.1.3)
      sinatra (>= 0.9.4)

GEM
  remote: http://rubygems.org/
  specs:
    activemodel (3.2.3)
      activesupport (= 3.2.3)
      builder (~> 3.0.0)
    activerecord (3.2.3)
      activemodel (= 3.2.3)
      activesupport (= 3.2.3)
      arel (~> 3.0.2)
      tzinfo (~> 0.3.29)
    activesupport (3.2.3)
      i18n (~> 0.6)
      multi_json (~> 1.0)
    arel (3.0.2)
    builder (3.0.0)
    coderay (1.0.6)
    i18n (0.6.0)
    method_source (0.7.1)
    multi_json (1.3.4)
    pg (0.13.2)
    pry (0.9.9.4)
      coderay (~> 1.0.5)
      method_source (~> 0.7.1)
      slop (>= 2.4.4, < 3)
    rack (1.4.1)
    rack-protection (1.2.0)
      rack
    rake (0.8.7)
    sinatra (1.3.2)
      rack (~> 1.3, >= 1.3.6)
      rack-protection (~> 1.2)
      tilt (~> 1.3, >= 1.3.3)
    slop (2.4.4)
    tilt (1.3.3)
    tzinfo (0.3.33)

PLATFORMS
  ruby

DEPENDENCIES
  activerecord
  pg
  pry
  rake
  sinatra
  sinatra-activerecord!
